GEM
  remote: https://rubygems.org/
  specs:
    nio4r (2.7.4)
    puma (6.6.0)
      nio4r (~> 2.0)
    rack (3.1.14)
    rackup (2.2.1)
      rack (>= 3)

PLATFORMS
  arm64-darwin-24
  ruby

DEPENDENCIES
  puma
  rackup

RUBY VERSION
   ruby 3.3.4p94

BUNDLED WITH
   2.5.16
